GEM
  remote: https://rubygems.org/
  specs:
    semver (1.0.1)

PLATFORMS
  x86_64-darwin-20

DEPENDENCIES
  semver (~> 1.0)

BUNDLED WITH
   2.2.15
